GEM
  remote: https://rubygems.org/
  specs:
    tapp (1.4.0)
      thor
    thor (0.16.0)

PLATFORMS
  ruby

DEPENDENCIES
  tapp
